PATH
  remote: .
  specs:
    ofx (0.3.3)
      nokogiri (~> 1.18.8)

GEM
  remote: https://rubygems.org/
  specs:
    bigdecimal (3.1.9)
    byebug (11.1.3)
    diff-lcs (1.6.1)
    nkf (0.2.0)
    nokogiri (1.18.8-arm64-darwin)
      racc (~> 1.4)
    racc (1.8.1)
    rake (13.0.6)
    rspec (3.13.0)
      rspec-core (~> 3.13.0)
      rspec-expectations (~> 3.13.0)
      rspec-mocks (~> 3.13.0)
    rspec-core (3.13.3)
      rspec-support (~> 3.13.0)
    rspec-expectations (3.13.3)
      diff-lcs (>= 1.2.0, < 2.0)
      rspec-support (~> 3.13.0)
    rspec-mocks (3.13.2)
      diff-lcs (>= 1.2.0, < 2.0)
      rspec-support (~> 3.13.0)
    rspec-support (3.13.2)

PLATFORMS
  arm64-darwin-24
  ruby

DEPENDENCIES
  bigdecimal (~> 3.1.9)
  byebug (~> 11.1.3)
  nkf (~> 0.2.0)
  ofx!
  rake (~> 13.0.6)
  rspec (~> 3.10)

BUNDLED WITH
   2.6.5
